GEM
  specs:

PLATFORMS
  ruby
  x86_64-linux

DEPENDENCIES
  bundler (~> 2.5.2)

RUBY VERSION
   ruby 3.3.6p108

BUNDLED WITH
   2.5.22
